GEM
  remote: https://rubygems.org/
  specs:
    cinch (2.3.1)

PLATFORMS
  ruby

DEPENDENCIES
  cinch (= 2.3.1)

BUNDLED WITH
   1.11.2
